GEM
  remote: http://rubygems.org/
  specs:
    rgeo (0.5.2)
    rgeo-geojson (0.4.2)
      rgeo (~> 0.5)

PLATFORMS
  ruby
  x64-mingw32

DEPENDENCIES
  rgeo
  rgeo-geojson

BUNDLED WITH
   1.11.2
